GEM
  remote: https://rubygems.org/
  specs:
    optparse (0.6.0)
    yaml (0.4.0)

PLATFORMS
  ruby
  x86_64-linux

DEPENDENCIES
  optparse
  yaml

BUNDLED WITH
   2.5.23
